PATH
  remote: .
  specs:
    redis-mutex (0.0.1)
      redis (~> 3.1.0)

GEM
  specs:
    coderay (1.1.0)
    method_source (0.8.2)
    minitest (5.4.1)
    pry (0.10.1)
      coderay (~> 1.1.0)
      method_source (~> 0.8.1)
      slop (~> 3.4)
    redis (3.1.0)
    slop (3.6.0)

PLATFORMS
  ruby

DEPENDENCIES
  bundler (~> 1.7.0)
  minitest (~> 5.0)
  pry
  redis-mutex!
